GIT
  remote: https://github.com/Emilostuff/jekyll-thumbnails
  revision: 1039967e05c7ff9a1808f50c9cbe7def10101149
  specs:
    jekyll-thumbnails (0.1.0)
      image_processing (~> 1.0)
      jekyll

GEM
  remote: https://rubygems.org/
  specs:
    addressable (2.8.1)
      public_suffix (>= 2.0.2, < 6.0)
    colorator (1.1.0)
    concurrent-ruby (1.1.10)
    em-websocket (0.5.3)
      eventmachine (>= 0.12.9)
      http_parser.rb (~> 0)
    eventmachine (1.2.7)
    ffi (1.15.5)
    ffi (1.15.5-x64-mingw-ucrt)
    forwardable-extended (2.6.0)
    http_parser.rb (0.8.0)
    i18n (1.12.0)
      concurrent-ruby (~> 1.0)
    image_processing (1.12.2)
      mini_magick (>= 4.9.5, < 5)
      ruby-vips (>= 2.0.17, < 3)
    jekyll (4.3.1)
      addressable (~> 2.4)
      colorator (~> 1.0)
      em-websocket (~> 0.5)
      i18n (~> 1.0)
      jekyll-sass-converter (>= 2.0, < 4.0)
      jekyll-watch (~> 2.0)
      kramdown (~> 2.3, >= 2.3.1)
      kramdown-parser-gfm (~> 1.0)
      liquid (~> 4.0)
      mercenary (>= 0.3.6, < 0.5)
      pathutil (~> 0.9)
      rouge (>= 3.0, < 5.0)
      safe_yaml (~> 1.0)
      terminal-table (>= 1.8, < 4.0)
      webrick (~> 1.7)
    jekyll-date-localization (0.0.5)
      i18n (~> 1.0)
    jekyll-imagemagick (1.4.0)
      jekyll (>= 3.4)
    jekyll-last-modified-at (1.3.0)
      jekyll (>= 3.7, < 5.0)
      posix-spawn (~> 0.3.9)
    jekyll-lazy-load-image (0.3.3)
      jekyll (>= 3.8)
      nokogiri (~> 1.8)
    jekyll-sass-converter (2.2.0)
      sassc (> 2.0.1, < 3.0)
    jekyll-sitemap (1.4.0)
      jekyll (>= 3.7, < 5.0)
    jekyll-timeago (0.14.0)
      mini_i18n (>= 0.8.0)
    jekyll-watch (2.2.1)
      listen (~> 3.0)
    jekyll_picture_tag (2.0.4)
      addressable (~> 2.6)
      jekyll (~> 4.0)
      mime-types (~> 3.0)
      objective_elements (~> 1.1)
      rainbow (~> 3.0)
      ruby-vips (~> 2.0.17)
    kramdown (2.4.0)
      rexml
    kramdown-parser-gfm (1.1.0)
      kramdown (~> 2.0)
    liquid (4.0.3)
    listen (3.7.1)
      rb-fsevent (~> 0.10, >= 0.10.3)
      rb-inotify (~> 0.9, >= 0.9.10)
    mercenary (0.4.0)
    mime-types (3.4.1)
      mime-types-data (~> 3.2015)
    mime-types-data (3.2022.0105)
    mini_i18n (0.9.0)
    mini_magick (4.12.0)
    nokogiri (1.13.10-x64-mingw-ucrt)
      racc (~> 1.4)
    nokogiri (1.13.10-x86_64-linux)
      racc (~> 1.4)
    objective_elements (1.1.2)
    pathutil (0.16.2)
      forwardable-extended (~> 2.6)
    posix-spawn (0.3.15)
    public_suffix (5.0.1)
    racc (1.6.2)
    rainbow (3.1.1)
    rb-fsevent (0.11.2)
    rb-inotify (0.10.1)
      ffi (~> 1.0)
    rexml (3.2.5)
    rouge (3.30.0)
    ruby-vips (2.0.17)
      ffi (~> 1.9)
    safe_yaml (1.0.5)
    sassc (2.4.0)
      ffi (~> 1.9)
    terminal-table (3.0.2)
      unicode-display_width (>= 1.1.1, < 3)
    unicode-display_width (2.3.0)
    wdm (0.1.1)
    webrick (1.7.0)

PLATFORMS
  x64-mingw-ucrt
  x86_64-linux

DEPENDENCIES
  jekyll (~> 4.2)
  jekyll-date-localization
  jekyll-imagemagick
  jekyll-last-modified-at
  jekyll-lazy-load-image
  jekyll-sass-converter (~> 2.0)
  jekyll-sitemap
  jekyll-thumbnails!
  jekyll-timeago (~> 0.14.0)
  jekyll-watch (~> 2.2)
  jekyll_picture_tag (~> 2.0)
  kramdown-parser-gfm (~> 1.1)
  mini_magick
  rouge (~> 3.26)
  wdm (>= 0.1.0)
  webrick (~> 1.7)

BUNDLED WITH
   2.4.1
